GIT
  remote: https://github.com/NYPL/NYPLRubyUtil.git
  revision: 5431dbd19e3a42d96e203a3022b7050d4563dd0c
  ref: 5431dbd
  specs:
    nypl_ruby_util (0.0.0)

GEM
  remote: https://rubygems.org/
  specs:
    avro (1.10.0)
      multi_json (~> 1)
    aws-eventstream (1.1.0)
    aws-partitions (1.341.0)
    aws-sdk-core (3.103.0)
      aws-eventstream (~> 1, >= 1.0.2)
      aws-partitions (~> 1, >= 1.239.0)
      aws-sigv4 (~> 1.1)
      jmespath (~> 1.0)
    aws-sdk-kinesis (1.26.0)
      aws-sdk-core (~> 3, >= 3.99.0)
      aws-sigv4 (~> 1.1)
    aws-sdk-kms (1.36.0)
      aws-sdk-core (~> 3, >= 3.99.0)
      aws-sigv4 (~> 1.1)
    aws-sdk-s3 (1.74.0)
      aws-sdk-core (~> 3, >= 3.102.1)
      aws-sdk-kms (~> 1)
      aws-sigv4 (~> 1.1)
    aws-sigv4 (1.2.1)
      aws-eventstream (~> 1, >= 1.0.2)
    diff-lcs (1.4.4)
    jmespath (1.4.0)
    mocha (1.11.2)
    multi_json (1.15.0)
    nypl_log_formatter (0.1.3)
    nypl_sierra_api_client (1.0.3)
    rspec (3.9.0)
      rspec-core (~> 3.9.0)
      rspec-expectations (~> 3.9.0)
      rspec-mocks (~> 3.9.0)
    rspec-core (3.9.2)
      rspec-support (~> 3.9.3)
    rspec-expectations (3.9.2)
      diff-lcs (>= 1.2.0, < 2.0)
      rspec-support (~> 3.9.0)
    rspec-mocks (3.9.1)
      diff-lcs (>= 1.2.0, < 2.0)
      rspec-support (~> 3.9.0)
    rspec-support (3.9.3)

PLATFORMS
  ruby

DEPENDENCIES
  avro
  aws-sdk-kinesis
  aws-sdk-kms
  aws-sdk-s3
  mocha
  nypl_log_formatter
  nypl_ruby_util!
  nypl_sierra_api_client
  rspec

BUNDLED WITH
   2.1.4
