GEM
  remote: https://rubygems.org/
  specs:
    avro (1.10.0)
      multi_json (~> 1)
    aws-eventstream (1.2.0)
    aws-partitions (1.551.0)
    aws-sdk-cloudwatchevents (1.55.0)
      aws-sdk-core (~> 3, >= 3.125.0)
      aws-sigv4 (~> 1.1)
    aws-sdk-core (3.125.5)
      aws-eventstream (~> 1, >= 1.0.2)
      aws-partitions (~> 1, >= 1.525.0)
      aws-sigv4 (~> 1.1)
      jmespath (~> 1.0)
    aws-sdk-kinesis (1.26.0)
      aws-sdk-core (~> 3, >= 3.99.0)
      aws-sigv4 (~> 1.1)
    aws-sdk-kms (1.36.0)
      aws-sdk-core (~> 3, >= 3.99.0)
      aws-sigv4 (~> 1.1)
    aws-sdk-lambda (1.77.0)
      aws-sdk-core (~> 3, >= 3.125.0)
      aws-sigv4 (~> 1.1)
    aws-sdk-s3 (1.111.3)
      aws-sdk-core (~> 3, >= 3.125.0)
      aws-sdk-kms (~> 1)
      aws-sigv4 (~> 1.4)
    aws-sigv4 (1.4.0)
      aws-eventstream (~> 1, >= 1.0.2)
    diff-lcs (1.5.0)
    jmespath (1.5.0)
    mocha (1.13.0)
    multi_json (1.15.0)
    nypl_log_formatter (0.1.3)
    nypl_ruby_util (0.0.9)
      avro (= 1.10.0)
      aws-sdk-cloudwatchevents
      aws-sdk-kinesis (= 1.26.0)
      aws-sdk-kms (= 1.36.0)
      aws-sdk-lambda
      nypl_log_formatter (= 0.1.3)
      nypl_sierra_api_client (= 1.0.3)
    nypl_sierra_api_client (1.0.3)
    rspec (3.10.0)
      rspec-core (~> 3.10.0)
      rspec-expectations (~> 3.10.0)
      rspec-mocks (~> 3.10.0)
    rspec-core (3.10.2)
      rspec-support (~> 3.10.0)
    rspec-expectations (3.10.2)
      diff-lcs (>= 1.2.0, < 2.0)
      rspec-support (~> 3.10.0)
    rspec-mocks (3.10.3)
      diff-lcs (>= 1.2.0, < 2.0)
      rspec-support (~> 3.10.0)
    rspec-support (3.10.3)

PLATFORMS
  ruby

DEPENDENCIES
  aws-sdk-s3
  mocha
  nypl_ruby_util (~> 0.0.8)
  rspec

BUNDLED WITH
   2.1.2
